GEM
  remote: http://gemcutter.org/
  specs:
    diff-lcs (1.1.2)
    haml (3.0.25)
    json (1.5.1)
    rack (1.2.1)
    rack-test (0.5.7)
      rack (>= 1.0)
    rspec (2.5.0)
      rspec-core (~> 2.5.0)
      rspec-expectations (~> 2.5.0)
      rspec-mocks (~> 2.5.0)
    rspec-core (2.5.1)
    rspec-expectations (2.5.0)
      diff-lcs (~> 1.1.2)
    rspec-mocks (2.5.0)
    sinatra (1.2.0)
      rack (~> 1.1)
      tilt (< 2.0, >= 1.2.2)
    tilt (1.2.2)

PLATFORMS
  ruby

DEPENDENCIES
  haml (>= 3.0.25)
  json (>= 1.5.1)
  rack-test (= 0.5.7)
  rspec (>= 2.5.0)
  sinatra (>= 1.2.0)
